GEM
  remote: https://rubygems.org/
  specs:
    daemons (1.1.4)
    eventmachine (0.12.10)
    haml (3.1.2)
    heroku-nav (0.1.24)
      json
      rest-client (>= 1.0)
    json (1.6.1)
    mime-types (1.16)
    rack (1.3.4)
    rack-protection (1.1.4)
      rack
    rest-client (1.6.7)
      mime-types (>= 1.16)
    sinatra (1.3.1)
      rack (~> 1.3, >= 1.3.4)
      rack-protection (~> 1.1, >= 1.1.2)
      tilt (~> 1.3, >= 1.3.3)
    thin (1.2.11)
      daemons (>= 1.0.9)
      eventmachine (>= 0.12.6)
      rack (>= 1.0.0)
    tilt (1.3.3)

PLATFORMS
  ruby

DEPENDENCIES
  haml
  heroku-nav (~> 0.1.24)
  json
  sinatra
  thin
